GEM
  remote: https://rubygems.org/
  specs:
    byebug (11.0.1)

PLATFORMS
  x86_64-linux

DEPENDENCIES
  byebug

BUNDLED WITH
   2.3.6
